GEM
  remote: https://rubygems.org/
  specs:
    async (2.24.0)
      console (~> 1.29)
      fiber-annotation
      io-event (~> 1.9)
      metrics (~> 0.12)
      traces (~> 0.15)
    async-container (0.24.0)
      async (~> 2.22)
    async-container-supervisor (0.5.2)
      async-container (~> 0.22)
      async-service
      io-endpoint
      io-stream
      memory-leak (~> 0.5)
    async-http (0.89.0)
      async (>= 2.10.2)
      async-pool (~> 0.9)
      io-endpoint (~> 0.14)
      io-stream (~> 0.6)
      metrics (~> 0.12)
      protocol-http (~> 0.49)
      protocol-http1 (~> 0.30)
      protocol-http2 (~> 0.22)
      traces (~> 0.10)
    async-http-cache (0.4.5)
      async-http (~> 0.56)
    async-pool (0.10.3)
      async (>= 1.25)
    async-service (0.13.0)
      async
      async-container (~> 0.16)
    bigdecimal (3.2.2)
    console (1.31.0)
      fiber-annotation
      fiber-local (~> 1.1)
      json
    falcon (0.51.1)
      async
      async-container (~> 0.20)
      async-container-supervisor (~> 0.5.0)
      async-http (~> 0.75)
      async-http-cache (~> 0.4)
      async-service (~> 0.10)
      bundler
      localhost (~> 1.1)
      openssl (~> 3.0)
      protocol-http (~> 0.31)
      protocol-rack (~> 0.7)
      samovar (~> 2.3)
    ffi (1.17.2-x86_64-linux-gnu)
    fiber-annotation (0.2.0)
    fiber-local (1.1.0)
      fiber-storage
    fiber-storage (1.0.1)
    hashdiff (1.2.0)
    io-endpoint (0.15.2)
    io-event (1.10.2)
    io-stream (0.6.1)
    json (2.12.2)
    localhost (1.5.0)
    logger (1.7.0)
    mapping (1.1.3)
    memory-leak (0.5.2)
    metrics (0.12.2)
    mini_portile2 (2.8.9)
    oj (3.16.11)
      bigdecimal (>= 3.0)
      ostruct (>= 0.2)
    openssl (3.3.0)
    ostruct (0.6.1)
    ougai (2.0.0)
      oj (~> 3.10)
    protocol-hpack (1.5.1)
    protocol-http (0.50.1)
    protocol-http1 (0.34.0)
      protocol-http (~> 0.22)
    protocol-http2 (0.22.1)
      protocol-hpack (~> 1.4)
      protocol-http (~> 0.47)
    protocol-rack (0.13.0)
      protocol-http (~> 0.43)
      rack (>= 1.0)
    rack (3.1.16)
    rake (13.3.0)
    rdkafka (0.21.0)
      ffi (~> 1.15)
      mini_portile2 (~> 2.6)
      rake (> 12)
    rufo (0.18.1)
    samovar (2.3.0)
      console (~> 1.0)
      mapping (~> 1.0)
    sqlite3 (2.6.0-x86_64-linux-gnu)
    subprocess (1.5.7)
    traces (0.15.2)
    uuid7 (0.2.0)
      zeitwerk (~> 2.4)
    zeitwerk (2.7.3)

PLATFORMS
  x86_64-linux

DEPENDENCIES
  falcon (~> 0.51.1)
  hashdiff (~> 1.2)
  logger (~> 1.7)
  ougai (~> 2.0)
  rack (~> 3.1)
  rdkafka (~> 0.21)
  rufo (~> 0.18.1)
  sqlite3 (~> 2.6)
  subprocess (~> 1.5)
  uuid7 (~> 0.2)

BUNDLED WITH
   2.6.9
